RESTRICTION: >= net461
NUGET
  remote: https://www.nuget.org/api/v2
    FSharp.Core (4.5.1)
    Suave (2.4.3)
      FSharp.Core (>= 4.0 < 5.0)

GROUP Build
NUGET
  remote: https://www.nuget.org/api/v2
    FAKE (5.2)
